GIT
  remote: https://github.com/github/statsd-ruby.git
  revision: 043e83df7b812d42806891049b72f20212f18463
  specs:
    statsd-ruby (0.3.0.github.2)

PATH
  remote: .
  specs:
    nugget (0.0.10)
      mixlib-cli
      mixlib-config
      mixlib-log
      thin
      turd
      yajl-ruby

GEM
  remote: https://rubygems.org/
  specs:
    daemons (1.1.9)
    ethon (0.6.2)
      ffi (>= 1.3.0)
      mime-types (~> 1.18)
    eventmachine (1.0.3)
    ffi (1.9.3)
    mime-types (1.25.1)
    mixlib-cli (1.4.0)
    mixlib-config (2.1.0)
    mixlib-log (1.6.0)
    rack (1.5.2)
    rake (10.1.1)
    thin (1.6.1)
      daemons (>= 1.0.9)
      eventmachine (>= 1.0.0)
      rack (>= 1.0.0)
    turd (0.0.5)
      typhoeus
    typhoeus (0.6.7)
      ethon (~> 0.6.2)
    yajl-ruby (1.2.0)

PLATFORMS
  ruby

DEPENDENCIES
  bundler (~> 1.2)
  nugget!
  rake
  statsd-ruby!
